GEM
  remote: http://rubygems.org/
  specs:
    awesome_print (1.0.1)
    coderay (0.9.8)
    method_source (0.6.7)
      ruby_parser (>= 2.3.1)
    mustache (0.99.4)
    nokogiri (1.5.6)
    pry (0.9.7.4)
      coderay (~> 0.9.8)
      method_source (~> 0.6.7)
      ruby_parser (>= 2.3.1)
      slop (~> 2.1.0)
    rack (1.3.5)
    rack-protection (1.1.4)
      rack
    ruby_parser (2.3.1)
      sexp_processor (~> 3.0)
    sexp_processor (3.0.8)
    shotgun (0.9)
      rack (>= 1.0)
    sinatra (1.3.1)
      rack (~> 1.3, >= 1.3.4)
      rack-protection (~> 1.1, >= 1.1.2)
      tilt (~> 1.3, >= 1.3.3)
    slop (2.1.0)
    tilt (1.3.3)

PLATFORMS
  ruby

DEPENDENCIES
  awesome_print
  mustache (~> 0.99)
  nokogiri
  pry
  shotgun
  sinatra (~> 1.3)
